GIT
  remote: https://github.com/TyounanMOTI/rb_webcam.git
  revision: f1df916d47da8296755ae5d9bada40d46b140c34
  specs:
    rb_webcam (0.3.0)
      nice-ffi (>= 0.3)

GEM
  remote: https://rubygems.org/
  specs:
    ffi (1.7.0)
    ffi (1.7.0-java)
    jruby-jars (1.7.3)
    nice-ffi (0.4)
      ffi (>= 0.5.0)
    zxing (0.3.1)
      jruby-jars

PLATFORMS
  java
  ruby

DEPENDENCIES
  rb_webcam!
  zxing
